NUGET
  remote: https://nuget.org/api/v2
  specs:
    FAKE (3.36.0)
    FParsec (1.0.1)
    FSharp.Compiler.Service (1.3.1.0)
