NUGET
  remote: https://nuget.org/api/v2
  specs:
    FAKE (3.36.0)
