REDIRECTS: ON
NUGET
  remote: https://nuget.org/api/v2
  specs:
    Chessie (0.2.1)
      FSharp.Core
    FAKE (3.36.0)
    FParsec (1.0.1)
    FSharp.Compiler.Service (1.3.1.0)
    FSharp.Core (4.0.0.1)
    UnionArgParser (0.8.7)
