REDIRECTS: ON
NUGET
  remote: https://nuget.org/api/v2
  specs:
    Chessie (0.2.1)
      FSharp.Core
    FAKE (4.0.2)
    FParsec (1.0.1)
    FSharp.Compiler.Service (1.4.0.1)
    FSharp.Core (4.0.0.1)
    ILRepack (2.0.4)
    UnionArgParser (0.8.7)
